GIT
  remote: git://github.com/plataformatec/devise.git
  revision: a23a52b2f7224d16f38d36a2f2848bb528d22616
  specs:
    devise (1.2.rc)
      bcrypt-ruby (~> 2.1.2)
      orm_adapter (~> 0.0.3)
      warden (~> 1.0.3)

GEM
  remote: http://rubygems.org/
  specs:
    abstract (1.0.0)
    acl9 (0.12.0)
    actionmailer (3.0.0)
      actionpack (= 3.0.0)
      mail (~> 2.2.5)
    actionpack (3.0.0)
      activemodel (= 3.0.0)
      activesupport (= 3.0.0)
      builder (~> 2.1.2)
      erubis (~> 2.6.6)
      i18n (~> 0.4.1)
      rack (~> 1.2.1)
      rack-mount (~> 0.6.12)
      rack-test (~> 0.5.4)
      tzinfo (~> 0.3.23)
    activemodel (3.0.0)
      activesupport (= 3.0.0)
      builder (~> 2.1.2)
      i18n (~> 0.4.1)
    activerecord (3.0.0)
      activemodel (= 3.0.0)
      activesupport (= 3.0.0)
      arel (~> 1.0.0)
      tzinfo (~> 0.3.23)
    activeresource (3.0.0)
      activemodel (= 3.0.0)
      activesupport (= 3.0.0)
    activesupport (3.0.0)
    addressable (2.2.2)
    arel (1.0.1)
      activesupport (~> 3.0.0)
    awesome_print (0.3.1)
    bcrypt-ruby (2.1.2)
    bson (1.1.4)
    bson_ext (1.1.4)
    builder (2.1.2)
    capistrano (2.5.19)
      highline
      net-scp (>= 1.0.0)
      net-sftp (>= 2.0.0)
      net-ssh (>= 2.0.14)
      net-ssh-gateway (>= 1.0.0)
    capistrano-ext (1.2.1)
      capistrano (>= 1.0.0)
    erubis (2.6.6)
      abstract (>= 1.0.0)
    faraday (0.5.3)
      addressable (~> 2.2.2)
      multipart-post (~> 1.0.1)
      rack (>= 1.1.0, < 2)
    formtastic (1.2.2)
      actionpack (>= 2.3.7)
      activesupport (>= 2.3.7)
      i18n (>= 0.4.0)
    has_scope (0.5.0)
    highline (1.6.1)
    i18n (0.4.2)
    inherited_resources (1.1.2)
      has_scope (~> 0.5.0)
      responders (~> 0.6.0)
    kgio (2.0.0)
    mail (2.2.12)
      activesupport (>= 2.3.6)
      i18n (>= 0.4.0)
      mime-types (~> 1.16)
      treetop (~> 1.4.8)
    mime-types (1.16)
    mongo (1.1.4)
      bson (>= 1.1.1)
    multi_json (0.0.5)
    multipart-post (1.0.1)
    mysql2 (0.2.6)
    net-scp (1.0.4)
      net-ssh (>= 1.99.1)
    net-sftp (2.0.5)
      net-ssh (>= 2.0.9)
    net-ssh (2.0.23)
    net-ssh-gateway (1.0.1)
      net-ssh (>= 1.99.1)
    nokogiri (1.4.4)
    oa-core (0.1.6)
      rack (~> 1.1)
    oa-oauth (0.1.6)
      multi_json (~> 0.0.2)
      nokogiri (~> 1.4.2)
      oa-core (= 0.1.6)
      oauth (~> 0.4.0)
      oauth2 (~> 0.1.0)
    oauth (0.4.4)
    oauth2 (0.1.0)
      faraday (~> 0.5.0)
      multi_json (~> 0.0.4)
    orm_adapter (0.0.3)
    paperclip (2.3.6)
      activerecord
      activesupport
    polyglot (0.3.1)
    rack (1.2.1)
    rack-mount (0.6.13)
      rack (>= 1.0.0)
    rack-oauth2-server (2.0.1)
      bson_ext
      mongo (~> 1)
      rack (~> 1.1)
      sinatra (~> 1.1)
    rack-test (0.5.6)
      rack (>= 1.0)
    rails (3.0.0)
      actionmailer (= 3.0.0)
      actionpack (= 3.0.0)
      activerecord (= 3.0.0)
      activeresource (= 3.0.0)
      activesupport (= 3.0.0)
      bundler (~> 1.0.0)
      railties (= 3.0.0)
    railties (3.0.0)
      actionpack (= 3.0.0)
      activesupport (= 3.0.0)
      rake (>= 0.8.4)
      thor (~> 0.14.0)
    rake (0.8.7)
    responders (0.6.2)
    sinatra (1.1.0)
      rack (~> 1.1)
      tilt (~> 1.1)
    thor (0.14.6)
    tilt (1.1)
    transitions (0.0.9)
    treetop (1.4.9)
      polyglot (>= 0.3.1)
    tzinfo (0.3.23)
    unicorn (3.1.0)
      kgio (~> 2.0.0)
      rack
    warden (1.0.3)
      rack (>= 1.0.0)
    web-app-theme (0.6.2)

PLATFORMS
  ruby

DEPENDENCIES
  acl9
  awesome_print
  capistrano
  capistrano-ext
  devise!
  formtastic
  inherited_resources
  mysql2
  oa-oauth
  paperclip
  rack-oauth2-server
  rails (= 3.0.0)
  transitions
  unicorn
  web-app-theme (>= 0.6.2)
